PATH
  remote: .
  specs:
    gi_cat_driver (0.2.0)
      faraday (~> 0.8.7)
      nokogiri (~> 1.5.6)

GEM
  remote: http://rubygems.org/
  specs:
    addressable (2.3.3)
    crack (0.3.2)
    diff-lcs (1.2.3)
    faraday (0.8.7)
      multipart-post (~> 1.1)
    multipart-post (1.2.0)
    mustache (0.99.4)
    nokogiri (1.5.9)
    posix-spawn (0.3.6)
    pygments.rb (0.4.2)
      posix-spawn (~> 0.3.6)
      yajl-ruby (~> 1.1.0)
    rake (10.0.4)
    redcarpet (2.2.2)
    rocco (0.8.2)
      mustache
      pygments.rb
      redcarpet (~> 2)
    rspec (2.13.0)
      rspec-core (~> 2.13.0)
      rspec-expectations (~> 2.13.0)
      rspec-mocks (~> 2.13.0)
    rspec-core (2.13.1)
    rspec-expectations (2.13.0)
      diff-lcs (>= 1.1.3, < 2.0)
    rspec-mocks (2.13.1)
    webmock (1.11.0)
      addressable (>= 2.2.7)
      crack (>= 0.3.2)
    yajl-ruby (1.1.0)

PLATFORMS
  ruby

DEPENDENCIES
  bundler (~> 1.3)
  gi_cat_driver!
  mustache (~> 0.99.4)
  pygments.rb (~> 0.4.2)
  rake (~> 10.0.3)
  redcarpet (~> 2.2.2)
  rocco (~> 0.8.2)
  rspec (~> 2.13.0)
  webmock (~> 1.11.0)
